PATH
  remote: .
  specs:
    vk_music (2.2.0)
      execjs (~> 2.7)
      json (~> 2.0)
      logger (~> 1.4)
      mechanize (~> 2.7)
      net-http-persistent (= 2.9.4)

GEM
  remote: https://rubygems.org/
  specs:
    domain_name (0.5.20190701)
      unf (>= 0.0.5, < 1.0.0)
    execjs (2.7.0)
    http-cookie (1.0.3)
      domain_name (~> 0.5)
    json (2.2.0)
    logger (1.4.1)
    mechanize (2.7.6)
      domain_name (~> 0.5, >= 0.5.1)
      http-cookie (~> 1.0)
      mime-types (>= 1.17.2)
      net-http-digest_auth (~> 1.1, >= 1.1.1)
      net-http-persistent (>= 2.5.2)
      nokogiri (~> 1.6)
      ntlm-http (~> 0.1, >= 0.1.1)
      webrobots (>= 0.0.9, < 0.2)
    mime-types (3.3)
      mime-types-data (~> 3.2015)
    mime-types-data (3.2019.1009)
    mini_portile2 (2.4.0)
    minitest (5.12.2)
    net-http-digest_auth (1.4.1)
    net-http-persistent (2.9.4)
    nokogiri (1.10.4-x64-mingw32)
      mini_portile2 (~> 2.4.0)
    ntlm-http (0.1.1)
    rake (10.5.0)
    unf (0.1.4)
      unf_ext
    unf_ext (0.0.7.6)
    webrobots (0.1.2)
    yard (0.9.20)

PLATFORMS
  x64-mingw32

DEPENDENCIES
  bundler (~> 2.0)
  logger (~> 1.4)
  mechanize (~> 2.7)
  minitest (~> 5.0)
  rake (~> 10.0)
  vk_music!
  yard (~> 0.9)

BUNDLED WITH
   2.0.2
